GEM
  remote: https://rubygems.org/
  specs:
    em-synchrony (1.0.3)
      eventmachine (>= 1.0.0.beta.1)
    em-websocket (0.5.1)
      eventmachine (>= 0.12.9)
      http_parser.rb (~> 0.6.0)
    eventmachine (1.0.3)
    faraday (0.9.0)
      multipart-post (>= 1.2, < 3)
    hiredis (0.5.2)
    http_parser.rb (0.6.0)
    json (1.8.1)
    jwt (1.0.0)
    multi_json (1.10.1)
    multi_xml (0.5.5)
    multipart-post (2.0.0)
    mysql2 (0.3.16)
    oauth2 (1.0.0)
      faraday (>= 0.8, < 0.10)
      jwt (~> 1.0)
      multi_json (~> 1.3)
      multi_xml (~> 0.5)
      rack (~> 1.2)
    rack (1.5.2)
    redis (3.1.0)
    streamio-ffmpeg (1.0.0)

PLATFORMS
  ruby

DEPENDENCIES
  em-synchrony
  em-websocket
  eventmachine
  hiredis
  json
  mysql2
  oauth2
  redis
  streamio-ffmpeg
